GEM
  remote: https://rubygems.org/
  specs:
    activesupport (4.2.4)
      i18n (~> 0.7)
      json (~> 1.7, >= 1.7.7)
      minitest (~> 5.1)
      thread_safe (~> 0.3, >= 0.3.4)
      tzinfo (~> 1.1)
    blankslate (3.1.3)
    clipboard (1.0.6)
    ffi (1.9.10)
    ffi (1.9.10-java)
    figleaf (0.0.7)
      activesupport
      hashie
    hashie (3.4.2)
    httparty (0.13.7)
      json (~> 1.8)
      multi_xml (>= 0.5.2)
    i18n (0.7.0)
    json (1.8.3)
    json (1.8.3-java)
    minitest (5.8.1)
    multi_xml (0.5.5)
    parslet (1.7.1)
      blankslate (>= 2.0, <= 4.0)
    require_all (1.3.2)
    thread_safe (0.3.5)
    thread_safe (0.3.5-java)
    tzinfo (1.2.2)
      thread_safe (~> 0.1)

PLATFORMS
  java
  ruby

DEPENDENCIES
  activesupport (~> 4.2.4)
  clipboard (~> 1.0.6)
  ffi
  figleaf
  httparty
  parslet
  require_all

BUNDLED WITH
   1.10.6
