GEM
  remote: https://rubygems.org/
  specs:
    blankslate (3.1.3)
    clipboard (1.0.6)
    cri (2.1.0)
    faster_xml_simple (0.5.0)
      libxml-ruby (>= 0.3.8.4)
    ffi (1.9.10)
    httparty (0.12.0)
      json (~> 1.8)
      multi_xml (>= 0.5.2)
    httpclient (2.6.0.1)
    json (1.8.3)
    libxml-ruby (2.8.0)
    mini_portile (0.6.2)
    multi_xml (0.5.5)
    net-github-upload (0.0.8)
      faster_xml_simple
      httpclient
      json
      nokogiri (>= 1.4.0)
    nokogiri (1.6.6.2)
      mini_portile (~> 0.6.0)
    ocra (1.3.5)
    parslet (1.7.1)
      blankslate (>= 2.0, <= 4.0)
    rake (0.9.2.2)
    releasy (0.2.2)
      cri (~> 2.1.0)
      net-github-upload (~> 0.0.8)
      ocra (~> 1.3.0)
      rake (~> 0.9.2.2)
      thor (~> 0.14.6)
    require_all (1.3.2)
    thor (0.14.6)

PLATFORMS
  ruby

DEPENDENCIES
  clipboard (~> 1.0.6)
  ffi
  httparty
  parslet
  releasy
  require_all
